PATH
  remote: .
  specs:
    ups-ruby (0.9.6)
      excon (~> 0.45, >= 0.45.3)
      insensitive_hash (~> 0.3.3)
      levenshtein-ffi (~> 1.1)
      ox (~> 2.2, >= 2.2.0)

GEM
  remote: http://rubygems.org/
  specs:
    docile (1.3.1)
    dotenv (2.5.0)
    excon (0.62.0)
    ffi (1.9.25)
    insensitive_hash (0.3.3)
    json (2.1.0)
    levenshtein-ffi (1.1.0)
      ffi (~> 1.9)
    mini_portile2 (2.3.0)
    minitest (5.11.3)
    nokogiri (1.8.4)
      mini_portile2 (~> 2.3.0)
    ox (2.10.0)
    rake (12.3.1)
    simplecov (0.16.1)
      docile (~> 1.1)
      json (>= 1.8, < 3)
      simplecov-html (~> 0.10.0)
    simplecov-html (0.10.2)

PLATFORMS
  ruby

DEPENDENCIES
  dotenv
  minitest
  nokogiri
  rake
  simplecov
  ups-ruby!

BUNDLED WITH
   1.16.5
